GEM
  remote: https://rubygems.org/
  specs:
    foreman (0.62.0)
      thor (>= 0.13.6)
    thor (0.17.0)

PLATFORMS
  ruby

DEPENDENCIES
  foreman
